PATH
  remote: .
  specs:
    worksnaps (0.0.1pre)
      activesupport (>= 6.0.0, < 6.3)
      httparty (~> 0.10)
      rexml (~> 3.2.5)
      timezone (= 1.3.14)

GEM
  remote: https://rubygems.org/
  specs:
    activesupport (6.1.4.3)
      concurrent-ruby (~> 1.0, >= 1.0.2)
      i18n (>= 1.6, < 2)
      minitest (>= 5.1)
      tzinfo (~> 2.0)
      zeitwerk (~> 2.3)
    concurrent-ruby (1.1.9)
    httparty (0.20.0)
      mime-types (~> 3.0)
      multi_xml (>= 0.5.2)
    i18n (1.8.11)
      concurrent-ruby (~> 1.0)
    mime-types (3.3.1)
      mime-types-data (~> 3.2015)
    mime-types-data (3.2021.0901)
    minitest (5.15.0)
    multi_xml (0.6.0)
    rexml (3.2.5)
    timezone (1.3.14)
    tzinfo (2.0.4)
      concurrent-ruby (~> 1.0)
    zeitwerk (2.5.1)

PLATFORMS
  ruby
  x86_64-darwin-20

DEPENDENCIES
  worksnaps!

BUNDLED WITH
   2.2.1
